GIT
  remote: git://github.com/indirect/rails3-generators.git
  revision: 04804d1af1a5dd60558239985eb0d9f6f2b85c59
  specs:
    rails3-generators (0.17.4)
      railties (>= 3.0.0)

GEM
  remote: http://rubygems.org/
  specs:
    abstract (1.0.0)
    actionmailer (3.0.9)
      actionpack (= 3.0.9)
      mail (~> 2.2.19)
    actionpack (3.0.9)
      activemodel (= 3.0.9)
      activesupport (= 3.0.9)
      builder (~> 2.1.2)
      erubis (~> 2.6.6)
      i18n (~> 0.5.0)
      rack (~> 1.2.1)
      rack-mount (~> 0.6.14)
      rack-test (~> 0.5.7)
      tzinfo (~> 0.3.23)
    activemodel (3.0.9)
      activesupport (= 3.0.9)
      builder (~> 2.1.2)
      i18n (~> 0.5.0)
    activerecord (3.0.9)
      activemodel (= 3.0.9)
      activesupport (= 3.0.9)
      arel (~> 2.0.10)
      tzinfo (~> 0.3.23)
    activeresource (3.0.9)
      activemodel (= 3.0.9)
      activesupport (= 3.0.9)
    activesupport (3.0.9)
    arel (2.0.10)
    barista (1.2.1)
      coffee-script (~> 2.2)
    bcrypt-ruby (3.0.1)
    builder (2.1.2)
    capybara (0.4.1.2)
      celerity (>= 0.7.9)
      culerity (>= 0.2.4)
      mime-types (>= 1.16)
      nokogiri (>= 1.3.3)
      rack (>= 1.0.0)
      rack-test (>= 0.5.4)
      selenium-webdriver (>= 0.0.27)
      xpath (~> 0.1.3)
    capybara-envjs (0.4.0)
      capybara (~> 0.4.0)
      envjs (>= 0.3.7)
    celerity (0.9.0)
    childprocess (0.2.2)
      ffi (~> 1.0.6)
    chunky_png (1.2.5)
    coffee-script (2.2.0)
      coffee-script-source
      execjs
    coffee-script-source (1.1.2)
    compass (0.11.5)
      chunky_png (~> 1.2)
      fssm (>= 0.2.7)
      sass (~> 3.1)
    culerity (0.2.15)
    devise (1.4.8)
      bcrypt-ruby (~> 3.0)
      orm_adapter (~> 0.0.3)
      warden (~> 1.0.3)
    diff-lcs (1.1.3)
    envjs (0.3.8)
      johnson (>= 2.0.0.pre3)
    erubis (2.6.6)
      abstract (>= 1.0.0)
    execjs (1.2.9)
      multi_json (~> 1.0)
    factory_girl (2.1.2)
      activesupport
    factory_girl_rails (1.2.0)
      factory_girl (~> 2.1.0)
      railties (>= 3.0.0)
    faker (1.0.1)
      i18n (~> 0.4)
    ffi (1.0.9)
    fssm (0.2.7)
    haml (3.1.3)
    haml-rails (0.3.4)
      actionpack (~> 3.0)
      activesupport (~> 3.0)
      haml (~> 3.0)
      railties (~> 3.0)
    has_scope (0.5.1)
    i18n (0.5.0)
    inherited_resources (1.3.0)
      has_scope (~> 0.5.0)
      responders (~> 0.6.0)
    johnson (2.0.0.pre3)
      stackdeck (~> 0.2)
    jquery-rails (1.0.16)
      railties (~> 3.0)
      thor (~> 0.14)
    json (1.6.1)
    json_pure (1.6.1)
    mail (2.2.19)
      activesupport (>= 2.3.6)
      i18n (>= 0.4.0)
      mime-types (~> 1.16)
      treetop (~> 1.4.8)
    mime-types (1.16)
    multi_json (1.0.3)
    mysql2 (0.2.13)
    nokogiri (1.5.0)
    orm_adapter (0.0.5)
    polyglot (0.3.2)
    rack (1.2.4)
    rack-mount (0.6.14)
      rack (>= 1.0.0)
    rack-test (0.5.7)
      rack (>= 1.0)
    rails (3.0.9)
      actionmailer (= 3.0.9)
      actionpack (= 3.0.9)
      activerecord (= 3.0.9)
      activeresource (= 3.0.9)
      activesupport (= 3.0.9)
      bundler (~> 1.0)
      railties (= 3.0.9)
    railties (3.0.9)
      actionpack (= 3.0.9)
      activesupport (= 3.0.9)
      rake (>= 0.8.7)
      rdoc (~> 3.4)
      thor (~> 0.14.4)
    rake (0.9.2)
    rdoc (3.10)
      json (~> 1.4)
    remarkable (4.0.0.alpha4)
      rspec (>= 2.0.0.alpha11)
    remarkable_activemodel (4.0.0.alpha4)
      remarkable (~> 4.0.0.alpha4)
      rspec (>= 2.0.0.alpha11)
    remarkable_activerecord (4.0.0.alpha4)
      remarkable (~> 4.0.0.alpha4)
      remarkable_activemodel (~> 4.0.0.alpha4)
      rspec (>= 2.0.0.alpha11)
    responders (0.6.4)
    rspec (2.7.0.rc1)
      rspec-core (= 2.7.0.rc1)
      rspec-expectations (= 2.7.0.rc1)
      rspec-mocks (= 2.7.0.rc1)
    rspec-core (2.7.0.rc1)
    rspec-expectations (2.7.0.rc1)
      diff-lcs (~> 1.1.2)
    rspec-mocks (2.7.0.rc1)
    rspec-rails (2.2.0)
      rails (~> 3.0.0)
      rspec (~> 2.2)
    rubyzip (0.9.4)
    sass (3.1.10)
    selenium-webdriver (2.8.0)
      childprocess (>= 0.2.1)
      ffi (>= 1.0.7)
      json_pure
      rubyzip
    stackdeck (0.2.0)
    thor (0.14.6)
    treetop (1.4.10)
      polyglot
      polyglot (>= 0.3.1)
    tzinfo (0.3.30)
    warden (1.0.6)
      rack (>= 1.0)
    xpath (0.1.4)
      nokogiri (~> 1.3)

PLATFORMS
  ruby

DEPENDENCIES
  barista (>= 0.5.0)
  capybara-envjs
  compass (>= 0.11.1)
  devise (>= 1.1.2)
  factory_girl_rails (~> 1.1)
  faker
  haml-rails (>= 0.2)
  inherited_resources (>= 1.1.2)
  jquery-rails
  json
  mysql2 (~> 0.2.6)
  rails (= 3.0.9)
  rails3-generators!
  remarkable (>= 4.0.0.alpha4)
  remarkable_activemodel (>= 4.0.0.alpha4)
  remarkable_activerecord (>= 4.0.0.alpha4)
  rspec (>= 2.0.1)
  rspec-rails (>= 2.0.1)
